GEM
  remote: http://rubygems.org/
  specs:
    activemodel (3.1.3)
      activesupport (= 3.1.3)
      builder (~> 3.0.0)
      i18n (~> 0.6)
    activerecord (3.1.3)
      activemodel (= 3.1.3)
      activesupport (= 3.1.3)
      arel (~> 2.2.1)
      tzinfo (~> 0.3.29)
    activesupport (3.1.3)
      multi_json (~> 1.0)
    addressable (2.2.6)
    arel (2.2.1)
    autoparse (0.2.3)
      addressable (~> 2.2.2)
      extlib (>= 0.9.15)
      json (>= 1.4.6)
    builder (3.0.0)
    domain_name (0.5.1)
      unf (~> 0.0.3)
    extlib (0.9.15)
    google-api-client (0.3.0)
      addressable (~> 2.2.2)
      autoparse (~> 0.2.0)
      extlib (>= 0.9.15)
      httpadapter (~> 1.0.1)
      json (>= 1.4.6)
      launchy (>= 2.0.0)
      signet (~> 0.2.2)
    httpadapter (1.0.1)
      addressable (~> 2.2.0)
    i18n (0.6.0)
    json (1.6.4)
    jwt (0.1.4)
      json (>= 1.2.4)
    launchy (2.0.5)
      addressable (~> 2.2.6)
    mechanize (2.1)
      domain_name (~> 0.5, >= 0.5.1)
      net-http-digest_auth (~> 1.1, >= 1.1.1)
      net-http-persistent (~> 2.3, >= 2.3.2)
      nokogiri (~> 1.4)
      ntlm-http (~> 0.1, >= 0.1.1)
      webrobots (~> 0.0, >= 0.0.9)
    multi_json (1.0.4)
    net-http-digest_auth (1.2)
    net-http-persistent (2.3.3)
    nokogiri (1.5.0)
    ntlm-http (0.1.1)
    signet (0.2.4)
      addressable (~> 2.2.1)
      httpadapter (~> 1.0.0)
      json (>= 1.4.6)
      jwt (>= 0.1.4)
    sqlite3 (1.3.5)
    tzinfo (0.3.31)
    unf (0.0.4)
      unf_ext
    unf_ext (0.0.4)
    webrobots (0.0.12)
      nokogiri (>= 1.4.4)

PLATFORMS
  ruby

DEPENDENCIES
  activerecord
  google-api-client
  mechanize
  sqlite3
